PATH
  remote: .
  specs:
    adapter-redis (0.5.1)
      adapter (~> 0.7.0)
      redis (~> 3.0)

GEM
  remote: http://rubygems.org/
  specs:
    activesupport (3.0.3)
    adapter (0.7.1)
    diff-lcs (1.1.2)
    i18n (0.5.0)
    log_buddy (0.5.0)
    redis (3.2.2)
    rspec (2.4.0)
      rspec-core (~> 2.4.0)
      rspec-expectations (~> 2.4.0)
      rspec-mocks (~> 2.4.0)
    rspec-core (2.4.0)
    rspec-expectations (2.4.0)
      diff-lcs (~> 1.1.2)
    rspec-mocks (2.4.0)
    timecop (0.3.5)

PLATFORMS
  ruby

DEPENDENCIES
  activesupport (~> 3)
  adapter-redis!
  i18n (= 0.5.0)
  log_buddy (~> 0.5.0)
  rspec (~> 2.3)
  timecop (~> 0.3.5)

BUNDLED WITH
   1.11.2
